GEM
  remote: https://rubygems.org/
  specs:
    minitest (5.16.3)

PLATFORMS
  x86_64-darwin-19
  x86_64-darwin-21

DEPENDENCIES
  minitest

RUBY VERSION
   ruby 2.7.6p219

BUNDLED WITH
   2.3.23
